GEM
  remote: http://rubygems.org/
  specs:
    diff-lcs (1.1.2)
    factory_girl (1.3.2)
    rspec (2.1.0)
      rspec-core (~> 2.1.0)
      rspec-expectations (~> 2.1.0)
      rspec-mocks (~> 2.1.0)
    rspec-core (2.1.0)
    rspec-expectations (2.1.0)
      diff-lcs (~> 1.1.2)
    rspec-mocks (2.1.0)
    rspec-rails (2.1.0)
      rspec (~> 2.1.0)
    rspec_scenarios (0.1.2)
      rspec (>= 1.2.8)

PLATFORMS
  ruby

DEPENDENCIES
  factory_girl
  rspec (= 2.1.0)
  rspec-rails (= 2.1.0)
  rspec_scenarios
